PATH
  remote: .
  specs:
    mailtrap (0.2.3.20130709144258)
      daemons (>= 1.0.8)
      mail (~> 2.3.0)
      trollop (>= 1.7)

GEM
  remote: https://rubygems.org/
  specs:
    activesupport (4.2.4)
      i18n (~> 0.7)
      json (~> 1.7, >= 1.7.7)
      minitest (~> 5.1)
      thread_safe (~> 0.3, >= 0.3.4)
      tzinfo (~> 1.1)
    daemons (1.2.3)
    diff-lcs (1.2.5)
    fakefs (0.6.7)
    hoe (3.14.2)
      rake (>= 0.8, < 11.0)
    hoe-gemspec (1.0.0)
      hoe (>= 2.2.0)
      hoe (>= 2.2.0)
      hoe (>= 2.2.0)
      hoe (>= 2.2.0)
      hoe (>= 2.2.0)
      hoe (>= 2.2.0)
      hoe (>= 2.2.0)
      hoe (>= 2.2.0)
      hoe (>= 2.2.0)
      hoe (>= 2.2.0)
      hoe (>= 2.2.0)
      hoe (>= 2.2.0)
      hoe (>= 2.2.0)
      hoe (>= 2.2.0)
      hoe (>= 2.2.0)
      hoe (>= 2.2.0)
      hoe (>= 2.2.0)
      hoe (>= 2.2.0)
      hoe (>= 2.2.0)
      hoe (>= 2.2.0)
      hoe (>= 2.2.0)
      hoe (>= 2.2.0)
      hoe (>= 2.2.0)
      hoe (>= 2.2.0)
      hoe (>= 2.2.0)
      hoe (>= 2.2.0)
      hoe (>= 2.2.0)
      hoe (>= 2.2.0)
      hoe (>= 2.2.0)
      hoe (>= 2.2.0)
      hoe (>= 2.2.0)
      hoe (>= 2.2.0)
      hoe (>= 2.2.0)
      hoe (>= 2.2.0)
      hoe (>= 2.2.0)
      hoe (>= 2.2.0)
      hoe (>= 2.2.0)
      hoe (>= 2.2.0)
      hoe (>= 2.2.0)
      hoe (>= 2.2.0)
      hoe (>= 2.2.0)
      hoe (>= 2.2.0)
      hoe (>= 2.2.0)
      hoe (>= 2.2.0)
      hoe (>= 2.2.0)
      hoe (>= 2.2.0)
      hoe (>= 2.2.0)
      hoe (>= 2.2.0)
      hoe (>= 2.2.0)
      hoe (>= 2.2.0)
      hoe (>= 2.2.0)
      hoe (>= 2.2.0)
      hoe (>= 2.2.0)
      hoe (>= 2.2.0)
      hoe (>= 2.2.0)
      hoe (>= 2.2.0)
      hoe (>= 2.2.0)
      hoe (>= 2.2.0)
      hoe (>= 2.2.0)
      hoe (>= 2.2.0)
      hoe (>= 2.2.0)
      hoe (>= 2.2.0)
      hoe (>= 2.2.0)
      hoe (>= 2.2.0)
      hoe (>= 2.2.0)
      hoe (>= 2.2.0)
      hoe (>= 2.2.0)
      hoe (>= 2.2.0)
      hoe (>= 2.2.0)
      hoe (>= 2.2.0)
      hoe (>= 2.2.0)
      hoe (>= 2.2.0)
      hoe (>= 2.2.0)
      hoe (>= 2.2.0)
      hoe (>= 2.2.0)
      hoe (>= 2.2.0)
      hoe (>= 2.2.0)
      hoe (>= 2.2.0)
      hoe (>= 2.2.0)
      hoe (>= 2.2.0)
      hoe (>= 2.2.0)
      hoe (>= 2.2.0)
      hoe (>= 2.2.0)
      hoe (>= 2.2.0)
      hoe (>= 2.2.0)
      hoe (>= 2.2.0)
      hoe (>= 2.2.0)
      hoe (>= 2.2.0)
      hoe (>= 2.2.0)
      hoe (>= 2.2.0)
      hoe (>= 2.2.0)
      hoe (>= 2.2.0)
      hoe (>= 2.2.0)
      hoe (>= 2.2.0)
      hoe (>= 2.2.0)
      hoe (>= 2.2.0)
      hoe (>= 2.2.0)
      hoe (>= 2.2.0)
      hoe (>= 2.2.0)
      hoe (>= 2.2.0)
      hoe (>= 2.2.0)
      hoe (>= 2.2.0)
      hoe (>= 2.2.0)
      hoe (>= 2.2.0)
      hoe (>= 2.2.0)
      hoe (>= 2.2.0)
      hoe (>= 2.2.0)
      hoe (>= 2.2.0)
      hoe (>= 2.2.0)
      hoe (>= 2.2.0)
      hoe (>= 2.2.0)
      hoe (>= 2.2.0)
      hoe (>= 2.2.0)
      hoe (>= 2.2.0)
      hoe (>= 2.2.0)
      hoe (>= 2.2.0)
      hoe (>= 2.2.0)
      hoe (>= 2.2.0)
      hoe (>= 2.2.0)
      hoe (>= 2.2.0)
      hoe (>= 2.2.0)
      hoe (>= 2.2.0)
      hoe (>= 2.2.0)
      hoe (>= 2.2.0)
      hoe (>= 2.2.0)
      hoe (>= 2.2.0)
      hoe (>= 2.2.0)
      hoe (>= 2.2.0)
      hoe (>= 2.2.0)
      hoe (>= 2.2.0)
      hoe (>= 2.2.0)
      hoe (>= 2.2.0)
      hoe (>= 2.2.0)
      hoe (>= 2.2.0)
      hoe (>= 2.2.0)
      hoe (>= 2.2.0)
      hoe (>= 2.2.0)
      hoe (>= 2.2.0)
      hoe (>= 2.2.0)
      hoe (>= 2.2.0)
      hoe (>= 2.2.0)
      hoe (>= 2.2.0)
      hoe (>= 2.2.0)
      hoe (>= 2.2.0)
      hoe (>= 2.2.0)
      hoe (>= 2.2.0)
      hoe (>= 2.2.0)
      hoe (>= 2.2.0)
      hoe (>= 2.2.0)
      hoe (>= 2.2.0)
      hoe (>= 2.2.0)
      hoe (>= 2.2.0)
      hoe (>= 2.2.0)
      hoe (>= 2.2.0)
      hoe (>= 2.2.0)
      hoe (>= 2.2.0)
      hoe (>= 2.2.0)
      hoe (>= 2.2.0)
      hoe (>= 2.2.0)
      hoe (>= 2.2.0)
      hoe (>= 2.2.0)
      hoe (>= 2.2.0)
      hoe (>= 2.2.0)
      hoe (>= 2.2.0)
      hoe (>= 2.2.0)
      hoe (>= 2.2.0)
      hoe (>= 2.2.0)
      hoe (>= 2.2.0)
      hoe (>= 2.2.0)
      hoe (>= 2.2.0)
      hoe (>= 2.2.0)
      hoe (>= 2.2.0)
      hoe (>= 2.2.0)
      hoe (>= 2.2.0)
      hoe (>= 2.2.0)
      hoe (>= 2.2.0)
      hoe (>= 2.2.0)
      hoe (>= 2.2.0)
      hoe (>= 2.2.0)
      hoe (>= 2.2.0)
      hoe (>= 2.2.0)
      hoe (>= 2.2.0)
      hoe (>= 2.2.0)
      hoe (>= 2.2.0)
      hoe (>= 2.2.0)
      hoe (>= 2.2.0)
      hoe (>= 2.2.0)
      hoe (>= 2.2.0)
      hoe (>= 2.2.0)
      hoe (>= 2.2.0)
      hoe (>= 2.2.0)
      hoe (>= 2.2.0)
      hoe (>= 2.2.0)
      hoe (>= 2.2.0)
      hoe (>= 2.2.0)
      hoe (>= 2.2.0)
      hoe (>= 2.2.0)
      hoe (>= 2.2.0)
      hoe (>= 2.2.0)
      hoe (>= 2.2.0)
      hoe (>= 2.2.0)
      hoe (>= 2.2.0)
      hoe (>= 2.2.0)
      hoe (>= 2.2.0)
      hoe (>= 2.2.0)
      hoe (>= 2.2.0)
      hoe (>= 2.2.0)
      hoe (>= 2.2.0)
      hoe (>= 2.2.0)
      hoe (>= 2.2.0)
      hoe (>= 2.2.0)
      hoe (>= 2.2.0)
      hoe (>= 2.2.0)
      hoe (>= 2.2.0)
      hoe (>= 2.2.0)
      hoe (>= 2.2.0)
      hoe (>= 2.2.0)
      hoe (>= 2.2.0)
      hoe (>= 2.2.0)
      hoe (>= 2.2.0)
      hoe (>= 2.2.0)
      hoe (>= 2.2.0)
      hoe (>= 2.2.0)
      hoe (>= 2.2.0)
      hoe (>= 2.2.0)
      hoe (>= 2.2.0)
      hoe (>= 2.2.0)
      hoe (>= 2.2.0)
      hoe (>= 2.2.0)
      hoe (>= 2.2.0)
      hoe (>= 2.2.0)
      hoe (>= 2.2.0)
      hoe (>= 2.2.0)
      hoe (>= 2.2.0)
      hoe (>= 2.2.0)
      hoe (>= 2.2.0)
      hoe (>= 2.2.0)
    hoe-git (1.6.0)
    i18n (0.7.0)
    json (1.8.3)
    mail (2.3.3)
      i18n (>= 0.4.0)
      mime-types (~> 1.16)
      treetop (~> 1.4.8)
    metaclass (0.0.4)
    mime-types (1.25.1)
    minitest (5.8.1)
    mocha (1.1.0)
      metaclass (~> 0.0.1)
    polyglot (0.3.5)
    rake (10.4.2)
    rdoc (4.2.0)
    rspec (3.3.0)
      rspec-core (~> 3.3.0)
      rspec-expectations (~> 3.3.0)
      rspec-mocks (~> 3.3.0)
    rspec-core (3.3.2)
      rspec-support (~> 3.3.0)
    rspec-expectations (3.3.1)
      diff-lcs (>= 1.2.0, < 2.0)
      rspec-support (~> 3.3.0)
    rspec-mocks (3.3.2)
      diff-lcs (>= 1.2.0, < 2.0)
      rspec-support (~> 3.3.0)
    rspec-support (3.3.0)
    shoulda (3.5.0)
      shoulda-context (~> 1.0, >= 1.0.1)
      shoulda-matchers (>= 1.4.1, < 3.0)
    shoulda-context (1.2.1)
    shoulda-matchers (2.8.0)
      activesupport (>= 3.0.0)
    thread_safe (0.3.5)
    tmail (1.2.7.1)
    treetop (1.4.15)
      polyglot
      polyglot (>= 0.3.1)
    trollop (2.1.2)
    tzinfo (1.2.2)
      thread_safe (~> 0.1)

PLATFORMS
  ruby

DEPENDENCIES
  fakefs
  hoe
  hoe-gemspec
  hoe-git
  mailtrap!
  mocha
  rake
  rdoc
  rspec
  shoulda
  tmail (~> 1.2.3)
